RESTRICTION: == netstandard2.0
NUGET
  remote: https://api.nuget.org/v3/index.json
    Google.Api.CommonProtos (2.5)
      Google.Protobuf (>= 3.18 < 4.0)
    Google.Protobuf (3.20.1)
      System.Memory (>= 4.5.3)
      System.Runtime.CompilerServices.Unsafe (>= 4.5.2)
    Grpc.Core.Api (2.45)
      System.Memory (>= 4.5.3)
    Grpc.Net.Client (2.45)
      Grpc.Net.Common (>= 2.45)
      Microsoft.Extensions.Logging.Abstractions (>= 3.0.3)
      System.Diagnostics.DiagnosticSource (>= 4.5.1)
    Grpc.Net.Common (2.45)
      Grpc.Core.Api (>= 2.45)
    Grpc.Tools (2.45)
    Microsoft.Extensions.Logging.Abstractions (6.0.1)
      System.Buffers (>= 4.5.1)
      System.Memory (>= 4.5.4)
    System.Buffers (4.5.1)
    System.Diagnostics.DiagnosticSource (6.0)
      System.Memory (>= 4.5.4)
      System.Runtime.CompilerServices.Unsafe (>= 6.0)
    System.Memory (4.5.4)
      System.Buffers (>= 4.5.1)
      System.Numerics.Vectors (>= 4.4)
      System.Runtime.CompilerServices.Unsafe (>= 4.5.3)
    System.Numerics.Vectors (4.5)
    System.Runtime.CompilerServices.Unsafe (6.0)
