RESTRICTION: == netstandard2.0
NUGET
  remote: https://api.nuget.org/v3/index.json
    Google.Api.CommonProtos (2.4)
      Google.Protobuf (>= 3.18 < 4.0)
    Google.Protobuf (3.19.1)
      System.Memory (>= 4.5.3)
      System.Runtime.CompilerServices.Unsafe (>= 4.5.2)
    Grpc.Core.Api (2.41.1)
      System.Memory (>= 4.5.3)
    Grpc.Net.Client (2.40)
      Grpc.Net.Common (>= 2.40)
      Microsoft.Extensions.Logging.Abstractions (>= 3.0.3)
      System.Diagnostics.DiagnosticSource (>= 4.5.1)
    Grpc.Net.Common (2.40)
      Grpc.Core.Api (>= 2.40)
    Grpc.Tools (2.41.1)
    Microsoft.Extensions.Logging.Abstractions (5.0)
    System.Buffers (4.5.1)
    System.Diagnostics.DiagnosticSource (5.0.1)
      System.Memory (>= 4.5.4)
      System.Runtime.CompilerServices.Unsafe (>= 5.0)
    System.Memory (4.5.4)
      System.Buffers (>= 4.5.1)
      System.Numerics.Vectors (>= 4.4)
      System.Runtime.CompilerServices.Unsafe (>= 4.5.3)
    System.Numerics.Vectors (4.5)
    System.Runtime.CompilerServices.Unsafe (5.0)
